GEM
  remote: https://rubygems.org/
  specs:
    colorize (0.8.1)
    tty-font (0.5.0)

PLATFORMS
  ruby

DEPENDENCIES
  colorize (~> 0.8.1)
  tty-font (~> 0.5.0)

BUNDLED WITH
   1.17.2
